GEM
  remote: https://rubygems.org/
  specs:
    anemone (0.7.2)
      nokogiri (>= 1.3.0)
      robotex (>= 1.0.0)
    childprocess (0.4.0)
      ffi (~> 1.0, >= 1.0.11)
    ffi (1.9.3)
    image_size (1.1.5)
    log4r (1.1.10)
    mini_portile (0.5.2)
    multi_json (1.8.4)
    nokogiri (1.6.1)
      mini_portile (~> 0.5.0)
    rack (1.5.2)
    rack-protection (1.5.2)
      rack
    rake (10.1.1)
    rmagick (2.13.2)
    robotex (1.0.0)
    rubyzip (1.1.0)
    selenium-webdriver (2.39.0)
      childprocess (>= 0.2.5)
      multi_json (~> 1.0)
      rubyzip (~> 1.0)
      websocket (~> 1.0.4)
    sinatra (1.4.4)
      rack (~> 1.4)
      rack-protection (~> 1.4)
      tilt (~> 1.3, >= 1.3.4)
    tilt (1.4.1)
    websocket (1.0.7)
    wraith (1.1.0)
      anemone
      image_size
      nokogiri
      rake
      robotex
      selenium-webdriver

PLATFORMS
  ruby

DEPENDENCIES
  log4r
  nokogiri
  rmagick
  sinatra
  wraith (= 1.1.0)
