GIT
  remote: git://github.com/meza/wraith.git
  revision: c08738adc2d459c170786c9c336d4ba510458f56
  specs:
    wraith (1.1.4.3)
      anemone
      image_size
      log4r
      nokogiri
      os
      rake
      robotex
      thor
GEM
  remote: https://rubygems.org/
  specs:
    anemone (0.7.2)
      nokogiri (>= 1.3.0)
      robotex (>= 1.0.0)
    aws-sdk (1.51.0)
      json (~> 1.4)
      nokogiri (>= 1.4.4)
    builder (3.2.2)
    haml (4.0.5)
      tilt
    image_size (1.3.1)
    json (1.8.1)
    log4r (1.1.10)
    mail (2.6.1)
      mime-types (>= 1.16, < 3)
    mime-types (2.3)
    mini_portile (0.5.2)
    netrc (0.7.7)
    nokogiri (1.6.1)
      mini_portile (~> 0.5.0)
    os (0.9.6)
    rack (1.5.2)
    rack-protection (1.5.2)
      rack
    rake (10.3.2)
    rest-client (1.7.2)
      mime-types (>= 1.16, < 3.0)
      netrc (~> 0.7)
    robotex (1.0.0)
    sinatra (1.4.4)
      rack (~> 1.4)
      rack-protection (~> 1.4)
      tilt (~> 1.3, >= 1.3.4)
    thor (0.19.1)
    tilt (1.4.1)
    xml-simple (1.1.4)


PLATFORMS
  ruby

DEPENDENCIES
  aws-sdk (~> 1.0)
  haml
  json (= 1.8.1)
  log4r
  nokogiri
  os
  rest-client
  sinatra
  wraith (= 1.1.4.3)!
