GIT
  remote: git://github.com/meza/wraith.git
  revision: 9d7f81931a5d4a5fd4a536a0d26a253d1ed34195
  specs:
    wraith (1.1.0)
      anemone
      image_size
      log4r
      nokogiri
      os
      rake
      robotex

GEM
  remote: https://rubygems.org/
  specs:
    anemone (0.7.2)
      nokogiri (>= 1.3.0)
      robotex (>= 1.0.0)
    image_size (1.1.5)
    log4r (1.1.10)
    mini_portile (0.5.2)
    nokogiri (1.6.1)
      mini_portile (~> 0.5.0)
    os (0.9.6)
    rack (1.5.2)
    rack-protection (1.5.2)
      rack
    rake (10.1.1)
    robotex (1.0.0)
    sinatra (1.4.4)
      rack (~> 1.4)
      rack-protection (~> 1.4)
      tilt (~> 1.3, >= 1.3.4)
    tilt (1.4.1)

PLATFORMS
  ruby

DEPENDENCIES
  log4r
  nokogiri
  os
  sinatra
  wraith (= 1.1.0)!
